PATH
  remote: .
  specs:
    maromi (0.0.1)
      dm-core
      dm-migrations
      dm-validations
      oauth

GEM
  remote: http://rubygems.org/
  specs:
    addressable (2.2.3)
    dm-core (1.0.2)
      addressable (~> 2.2)
      extlib (~> 0.9.15)
    dm-migrations (1.0.2)
      dm-core (~> 1.0.2)
    dm-validations (1.0.2)
      dm-core (~> 1.0.2)
    extlib (0.9.15)
    oauth (0.4.4)

PLATFORMS
  ruby

DEPENDENCIES
  bundler (>= 1.0.0)
  dm-core
  dm-migrations
  dm-validations
  maromi!
  oauth
